GEM
  remote: http://rubygems.org/
  specs:
    dicom (0.9.3)
    json (1.8.0)
    mime-types (1.18)
    parallel (0.6.5)
    rest-client (1.6.7)
      mime-types (>= 1.16)
    rmagick (2.13.1)
    ruby-progressbar (1.1.0)

PLATFORMS
  ruby

DEPENDENCIES
  dicom
  json
  parallel
  rest-client
  rmagick
  ruby-progressbar
